GEM
  remote: http://rubygems.org/
  remote: http://gems.github.com/
  specs:
    haml (3.0.25)
    json (1.5.1)
    rack (1.2.1)
    sinatra (1.1.2)
      rack (~> 1.1)
      tilt (~> 1.2)
    sqlite3 (1.3.3)
    tilt (1.2.2)

PLATFORMS
  ruby

DEPENDENCIES
  haml
  json
  sinatra
  sqlite3
